GEM
  remote: https://rubygems.org/
  specs:
    byebug (10.0.2)
    ethon (0.11.0)
      ffi (>= 1.3.0)
    ffi (1.9.25)
    ruby-progressbar (1.10.0)
    typhoeus (1.3.0)
      ethon (>= 0.9.0)

PLATFORMS
  ruby

DEPENDENCIES
  byebug
  ffi (>= 1.9.24)
  ruby-progressbar
  typhoeus

BUNDLED WITH
   1.17.1
